PATH
  remote: .
  specs:
    scruby (0.2.7.2)
      arguments (~> 0.6)
      live (~> 0.1)
      ruby-osc (~> 0.3)

GEM
  remote: https://rubygems.org/
  specs:
    ParseTree (3.0.9)
      RubyInline (~> 3.9.0)
      sexp_processor (~> 3.2.0)
    RubyInline (3.9.0)
      ZenTest (~> 4.3)
    ZenTest (4.11.2)
    arguments (0.6)
      ParseTree (>= 3.0.3)
      ruby2ruby (= 1.1.9)
      ruby_parser (>= 2.0.2)
    ast (2.4.0)
    coderay (1.1.2)
    diff-lcs (1.3)
    eventmachine (1.2.7)
    highline (2.0.2)
    hoe (3.18.0)
      rake (>= 0.8, < 13.0)
    jaro_winkler (1.5.3)
    live (0.1.2)
      highline
    method_source (0.9.2)
    parallel (1.17.0)
    parser (2.6.3.0)
      ast (~> 2.4.0)
    pry (0.12.2)
      coderay (~> 1.1.0)
      method_source (~> 0.9.0)
    rainbow (3.0.0)
    rake (12.3.2)
    rspec (3.8.0)
      rspec-core (~> 3.8.0)
      rspec-expectations (~> 3.8.0)
      rspec-mocks (~> 3.8.0)
    rspec-core (3.8.2)
      rspec-support (~> 3.8.0)
    rspec-expectations (3.8.4)
      diff-lcs (>= 1.2.0, < 2.0)
      rspec-support (~> 3.8.0)
    rspec-mocks (3.8.1)
      diff-lcs (>= 1.2.0, < 2.0)
      rspec-support (~> 3.8.0)
    rspec-support (3.8.2)
    rubocop (0.73.0)
      jaro_winkler (~> 1.5.1)
      parallel (~> 1.10)
      parser (>= 2.6)
      rainbow (>= 2.2.2, < 4.0)
      ruby-progressbar (~> 1.7)
      unicode-display_width (>= 1.4.0, < 1.7)
    ruby-osc (0.40.0)
      eventmachine (~> 1.2)
    ruby-progressbar (1.10.1)
    ruby2ruby (1.1.9)
      ParseTree
      hoe (>= 1.5.3)
    ruby_parser (2.3.1)
      sexp_processor (~> 3.0)
    sexp_processor (3.2.0)
    unicode-display_width (1.6.0)

PLATFORMS
  ruby

DEPENDENCIES
  bundler (~> 2.0)
  pry (~> 0.12.2)
  rake (~> 12.3.2)
  rspec (~> 3.8.0)
  rubocop (~> 0.73.0)
  scruby!

BUNDLED WITH
   2.0.2
